GEM
  remote: https://rubygems.org/
  specs:
    addressable (2.8.7)
      public_suffix (>= 2.0.2, < 7.0)
    bigdecimal (3.1.9)
    json-schema (5.1.1)
      addressable (~> 2.8)
      bigdecimal (~> 3.1)
    kompo (0.2.0)
      mini_portile2
    mini_portile2 (2.8.8)
    model-context-protocol-rb (0.3.1)
      json-schema (~> 5.1)
    public_suffix (6.0.1)

PLATFORMS
  arm64-darwin-24
  ruby

DEPENDENCIES
  kompo
  model-context-protocol-rb

BUNDLED WITH
   2.6.8
