PATH
  remote: .
  specs:
    kompo (0.2.0)
      mini_portile2

GEM
  remote: https://rubygems.org/
  specs:
    mini_portile2 (2.8.8)
    rake (13.1.0)

PLATFORMS
  aarch64-linux
  arm64-darwin-23
  arm64-darwin-24

DEPENDENCIES
  kompo!
  rake (~> 13.0)

BUNDLED WITH
   2.4.10
